GEM
  remote: https://tokyo-m.rubygems.org/
  specs:
    mechanize (1.0.0)
      nokogiri (>= 1.2.1)
    mini_portile (0.5.3)
    nokogiri (1.6.1)
      mini_portile (~> 0.5.0)
    omnifocus (2.1.3)
      mechanize (~> 1.0)
      rb-appscript (~> 0.6.1)
    rb-appscript (0.6.1)

PLATFORMS
  ruby

DEPENDENCIES
  omnifocus
